GEM
  remote: https://rubygems.org/
  specs:
    csv (3.3.5)
    gli (2.22.2)
      ostruct
    ostruct (0.6.3)

PLATFORMS
  ruby
  x86_64-linux

DEPENDENCIES
  csv
  gli

BUNDLED WITH
   2.6.9
